GEM
  remote: http://rubygems.org/
  specs:
    ZenTest (4.4.0)
    actionmailer (2.3.10)
      actionpack (= 2.3.10)
    actionpack (2.3.10)
      activesupport (= 2.3.10)
      rack (~> 1.1.0)
    activerecord (2.3.10)
      activesupport (= 2.3.10)
    activeresource (2.3.10)
      activesupport (= 2.3.10)
    activesupport (2.3.10)
    autotest-rails (4.1.0)
      ZenTest
    rack (1.1.0)
    rails (2.3.10)
      actionmailer (= 2.3.10)
      actionpack (= 2.3.10)
      activerecord (= 2.3.10)
      activeresource (= 2.3.10)
      activesupport (= 2.3.10)
      rake (>= 0.8.3)
    rake (0.8.7)
    redgreen (1.2.2)
    rspec (1.3.0)
    rspec-rails (1.3.2)
      rack (>= 1.0.0)
      rspec (>= 1.3.0)

PLATFORMS
  ruby

DEPENDENCIES
  ZenTest
  autotest-rails (= 4.1.0)
  rails (= 2.3.10)
  redgreen
  rspec (= 1.3.0)
  rspec-rails (= 1.3.2)
